GEM
  remote: https://rubygems.org/
  specs:
    addressable (2.5.1)
      public_suffix (~> 2.0, >= 2.0.2)
    appium_capybara (1.3.0)
      appium_lib (>= 4.1.0)
      capybara (~> 2.7)
    appium_lib (9.6.1)
      awesome_print (~> 1.8)
      json (>= 1.8)
      nokogiri (~> 1.6, >= 1.6.6)
      selenium-webdriver (~> 3.4, >= 3.4.1)
      tomlrb (~> 1.1)
    awesome_print (1.8.0)
    browserstack-local (1.3.0)
    builder (3.2.3)
    capybara (2.14.0)
      addressable
      mime-types (>= 1.16)
      nokogiri (>= 1.3.3)
      rack (>= 1.0.0)
      rack-test (>= 0.5.4)
      xpath (~> 2.0)
    capybara-screenshot (1.0.14)
      capybara (>= 1.0, < 3)
      launchy
    capybara-webkit (1.1.0)
      capybara (~> 2.0, >= 2.0.2)
      json
    childprocess (0.7.1)
      ffi (~> 1.0, >= 1.0.11)
    cliver (0.3.2)
    cucumber (2.4.0)
      builder (>= 2.1.2)
      cucumber-core (~> 1.5.0)
      cucumber-wire (~> 0.0.1)
      diff-lcs (>= 1.1.3)
      gherkin (~> 4.0)
      multi_json (>= 1.7.5, < 2.0)
      multi_test (>= 0.1.2)
    cucumber-core (1.5.0)
      gherkin (~> 4.0)
    cucumber-wire (0.0.1)
    diff-lcs (1.3)
    domain_name (0.5.20170404)
      unf (>= 0.0.5, < 1.0.0)
    ffi (1.9.18)
    gherkin (4.1.3)
    http-cookie (1.0.3)
      domain_name (~> 0.5)
    json (2.1.0)
    launchy (2.4.3)
      addressable (~> 2.3)
    mime-types (3.1)
      mime-types-data (~> 3.2015)
    mime-types-data (3.2016.0521)
    mini_portile2 (2.1.0)
    multi_json (1.12.1)
    multi_test (0.1.2)
    netrc (0.11.0)
    nokogiri (1.7.2)
      mini_portile2 (~> 2.1.0)
    parallel (1.12.0)
    parallel_tests (2.14.3)
      parallel
    poltergeist (1.15.0)
      capybara (~> 2.1)
      cliver (~> 0.3.1)
      websocket-driver (>= 0.2.0)
    public_suffix (2.0.5)
    rack (2.0.3)
    rack-test (0.6.3)
      rack (>= 1.0)
    rest-client (2.0.2)
      http-cookie (>= 1.0.2, < 2.0)
      mime-types (>= 1.16, < 4.0)
      netrc (~> 0.8)
    rspec (3.6.0)
      rspec-core (~> 3.6.0)
      rspec-expectations (~> 3.6.0)
      rspec-mocks (~> 3.6.0)
    rspec-core (3.6.0)
      rspec-support (~> 3.6.0)
    rspec-expectations (3.6.0)
      diff-lcs (>= 1.2.0, < 2.0)
      rspec-support (~> 3.6.0)
    rspec-mocks (3.6.0)
      diff-lcs (>= 1.2.0, < 2.0)
      rspec-support (~> 3.6.0)
    rspec-support (3.6.0)
    rubyzip (1.2.1)
    sauce_whisk (0.1.0)
      json
      rest-client (~> 2.0)
    selenium-webdriver (3.4.3)
      childprocess (~> 0.5)
      rubyzip (~> 1.0)
    tomlrb (1.2.4)
    unf (0.1.4)
      unf_ext
    unf_ext (0.0.7.4)
    websocket-driver (0.6.5)
      websocket-extensions (>= 0.1.0)
    websocket-extensions (0.1.2)
    xpath (2.1.0)
      nokogiri (~> 1.3)

PLATFORMS
  ruby

DEPENDENCIES
  appium_capybara!
  browserstack-local!
  capybara!
  capybara-screenshot!
  capybara-webkit!
  cucumber!
  parallel_tests!
  poltergeist!
  rspec!
  sauce_whisk!
  selenium-webdriver!

BUNDLED WITH
   1.15.3
